GEM
  remote: https://rubygems.org/
  specs:
    daemons (1.4.1)
    eventmachine (1.2.7)
    prometheus_exporter (2.1.0)
      webrick
    rack (2.2.13)
    thin (1.8.2)
      daemons (~> 1.0, >= 1.0.9)
      eventmachine (~> 1.0, >= 1.0.4)
      rack (>= 1, < 3)
    webrick (1.8.2)

PLATFORMS
  arm64-darwin-20
  arm64-darwin-22
  arm64-darwin-23
  arm64-linux
  ruby
  x86_64-darwin-20
  x86_64-darwin-22
  x86_64-linux

DEPENDENCIES
  prometheus_exporter
  rack
  thin

BUNDLED WITH
   2.5.9
