GEM
  remote: https://rubygems.org/
  specs:
    daemons (1.4.1)
    eventmachine (1.2.7)
    prometheus_exporter (2.0.3)
      webrick
    rack (2.2.4)
    thin (1.8.1)
      daemons (~> 1.0, >= 1.0.9)
      eventmachine (~> 1.0, >= 1.0.4)
      rack (>= 1, < 3)
    webrick (1.8.1)

PLATFORMS
  arm64-darwin-20
  arm64-darwin-22
  arm64-linux
  x86_64-darwin-20
  x86_64-darwin-22
  x86_64-linux

DEPENDENCIES
  prometheus_exporter (= 2.0.3)
  rack (= 2.2.4)
  thin (= 1.8.1)

BUNDLED WITH
   2.4.19
